GEM
  remote: https://rubygems.org/
  specs:
    benchmark-memory (0.1.2)
      memory_profiler (~> 0.9)
    hashery (2.1.2)
    memory_profiler (0.9.14)
    recursive-open-struct (1.1.1)

PLATFORMS
  ruby

DEPENDENCIES
  benchmark-memory
  hashery
  recursive-open-struct

BUNDLED WITH
   1.17.3
