GEM
  remote: https://rubygems.org/
  specs:
    benchmark-memory (0.2.0)
      memory_profiler (~> 1)
    hashery (2.1.2)
    hashie (5.0.0)
    memory_profiler (1.0.0)
    recursive-open-struct (1.1.3)

PLATFORMS
  x86_64-darwin-18

DEPENDENCIES
  benchmark-memory
  hashery
  hashie
  recursive-open-struct

BUNDLED WITH
   2.2.26
